PATH
  remote: .
  specs:
    swift-tools (3.0.1)
      methadone (~> 1.9)

GEM
  remote: https://rubygems.org/
  specs:
    code-tools (5.0.0)
      methadone (~> 1.9)
      nokogiri (~> 1.6)
      tzinfo (~> 1.2)
    methadone (1.9.2)
      bundler
    mini_portile2 (2.0.0)
    nokogiri (1.6.7.2)
      mini_portile2 (~> 2.0.0.rc2)
    thread_safe (0.3.5)
    tzinfo (1.2.2)
      thread_safe (~> 0.1)

PLATFORMS
  ruby

DEPENDENCIES
  code-tools (~> 5.0)
  swift-tools!

BUNDLED WITH
   1.11.2
